GIT
  remote: https://github.com/arkbot/perscribo-unicorn.git
  revision: 9af55eefdf4aec87182483c2338e03913d711dfb
  specs:
    perscribo-unicorn (0.0.1)
      activesupport
      perscribo
      unicorn (~> 4.8.3)

GIT
  remote: https://github.com/arkbot/perscribo-scss-lint.git
  revision: 1668eeac575e0128b967caab53a393fcdebcda39
  specs:
    perscribo-scss-lint (0.0.1)
      colorize
      perscribo
      scss-lint (~> 0.29.0)

GIT
  remote: https://github.com/arkbot/perscribo-rubocop.git
  revision: 61ab75972a4cd3e37b57b9f9f8fb3f549e058805
  specs:
    perscribo-rubocop (0.0.1)
      colorize
      perscribo
      rubocop (~> 0.26.1)

GIT
  remote: https://github.com/arkbot/perscribo-rspec.git
  revision: d7ab2d361348d8aa86ea00e69dcca30536130f5c
  specs:
    perscribo-rspec (0.0.1)
      colorize
      perscribo
      rspec (~> 3.1.0)

GIT
  remote: https://github.com/arkbot/perscribo-rails.git
  revision: 9bafa7ce8522dc08ca8d29ce7793540d1a3ca3a5
  specs:
    perscribo-rails (0.0.1)
      activesupport
      perscribo
      rails (~> 4.1.6)

GIT
  remote: https://github.com/arkbot/perscribo-cucumber.git
  revision: ab8fd9ac1dfefcfe8819242f6eb1d45a61fe2ae4
  specs:
    perscribo-cucumber (0.0.1)
      colorize
      cucumber (~> 1.3.17)
      perscribo

GIT
  remote: https://github.com/arkbot/guard-perscribo.git
  revision: f6398916c1bc90e2637a852d37da2ab669d2728e
  specs:
    guard-perscribo (0.0.1)
      activesupport
      colorize
      guard (~> 2.6.1)
      intus
      lumberjack (~> 1.0.9)
      perscribo

GIT
  remote: https://github.com/arkbot/perscribo.git
  revision: cda399ddd82d6e278183628d6001bf4aec7978ed
  specs:
    perscribo (0.0.1)
      activesupport
      intus

GIT
  remote: https://github.com/arkbot/intus.git
  revision: efd18a922cff8692cb4658cfcbd2d40bfe6a4427
  specs:
    intus (0.0.1)

GIT
  remote: https://github.com/arkbot/guard-scss-lint.git
  revision: c75aaa524d094ac0f8ea885ebd5a6fbf79abeb28
  specs:
    guard-scss-lint (0.1.0)
      guard (~> 2.0)
      scss-lint

GIT
  remote: https://github.com/aeberlin/guard-rubocop.git
  revision: 58a066c017eb80d7babe1d3e366727a3727bd087
  specs:
    guard-rubocop (1.1.0)
      guard (~> 2.0)
      rubocop (~> 0.20)

GIT
  remote: https://github.com/aeberlin/scss-lint.git
  revision: 21a1c05b2d911319024cf6565335155bbe213806
  branch: merged_master
  specs:
    scss-lint (0.29.0)
      rainbow (~> 2.0)
      sass

GEM
  remote: https://rubygems.org/
  specs:
    actionmailer (4.1.6)
      actionpack (= 4.1.6)
      actionview (= 4.1.6)
      mail (~> 2.5, >= 2.5.4)
    actionpack (4.1.6)
      actionview (= 4.1.6)
      activesupport (= 4.1.6)
      rack (~> 1.5.2)
      rack-test (~> 0.6.2)
    actionview (4.1.6)
      activesupport (= 4.1.6)
      builder (~> 3.1)
      erubis (~> 2.7.0)
    activemodel (4.1.6)
      activesupport (= 4.1.6)
      builder (~> 3.1)
    activerecord (4.1.6)
      activemodel (= 4.1.6)
      activesupport (= 4.1.6)
      arel (~> 5.0.0)
    activesupport (4.1.6)
      i18n (~> 0.6, >= 0.6.9)
      json (~> 1.7, >= 1.7.7)
      minitest (~> 5.1)
      thread_safe (~> 0.1)
      tzinfo (~> 1.1)
    arel (5.0.1.20140414130214)
    ast (2.0.0)
    astrolabe (1.3.0)
      parser (>= 2.2.0.pre.3, < 3.0)
    bcrypt (3.1.9)
    builder (3.2.2)
    capybara (2.4.4)
      mime-types (>= 1.16)
      nokogiri (>= 1.3.3)
      rack (>= 1.0.0)
      rack-test (>= 0.5.4)
      xpath (~> 2.0)
    celluloid (0.16.0)
      timers (~> 4.0.0)
    coderay (1.1.0)
    coffee-rails (4.0.1)
      coffee-script (>= 2.2.0)
      railties (>= 4.0.0, < 5.0)
    coffee-script (2.3.0)
      coffee-script-source
      execjs
    coffee-script-source (1.8.0)
    colorize (0.7.3)
    cucumber (1.3.17)
      builder (>= 2.1.2)
      diff-lcs (>= 1.1.3)
      gherkin (~> 2.12)
      multi_json (>= 1.7.5, < 2.0)
      multi_test (>= 0.1.1)
    cucumber-rails (1.4.2)
      capybara (>= 1.1.2, < 3)
      cucumber (>= 1.3.8, < 2)
      mime-types (>= 1.16, < 3)
      nokogiri (~> 1.5)
      rails (>= 3, < 5)
    diff-lcs (1.2.5)
    em-websocket (0.5.1)
      eventmachine (>= 0.12.9)
      http_parser.rb (~> 0.6.0)
    erubis (2.7.0)
    eventmachine (1.0.3)
    execjs (2.2.2)
    ffi (1.9.6)
    formatador (0.2.5)
    gherkin (2.12.2)
      multi_json (~> 1.3)
    guard (2.6.1)
      formatador (>= 0.2.4)
      listen (~> 2.7)
      lumberjack (~> 1.0)
      pry (>= 0.9.12)
      thor (>= 0.18.1)
    guard-bundler (2.0.0)
      bundler (~> 1.0)
      guard (~> 2.2)
    guard-cucumber (1.4.1)
      cucumber (>= 1.2.0)
      guard (>= 1.1.0)
    guard-livereload (2.3.1)
      em-websocket (~> 0.5)
      guard (~> 2.0)
      multi_json (~> 1.8)
    guard-rails (0.6.0)
      guard (~> 2.0)
    guard-rspec (4.3.1)
      guard (~> 2.1)
      rspec (>= 2.14, < 4.0)
    guard-shell (0.6.1)
      guard (>= 1.1.0)
    hike (1.2.3)
    hitimes (1.2.2)
    http_parser.rb (0.6.0)
    i18n (0.6.11)
    jbuilder (2.2.4)
      activesupport (>= 3.0.0, < 5)
      multi_json (~> 1.2)
    jquery-rails (3.1.2)
      railties (>= 3.0, < 5.0)
      thor (>= 0.14, < 2.0)
    json (1.8.1)
    kgio (2.9.2)
    listen (2.7.11)
      celluloid (>= 0.15.2)
      rb-fsevent (>= 0.9.3)
      rb-inotify (>= 0.9)
    lumberjack (1.0.9)
    mail (2.6.1)
      mime-types (>= 1.16, < 3)
    method_source (0.8.2)
    mime-types (2.4.3)
    mini_portile (0.6.0)
    minitest (5.4.2)
    multi_json (1.10.1)
    multi_test (0.1.1)
    nokogiri (1.6.3.1)
      mini_portile (= 0.6.0)
    parser (2.2.0.pre.6)
      ast (>= 1.1, < 3.0)
      slop (~> 3.4, >= 3.4.5)
    powerpack (0.0.9)
    pry (0.10.1)
      coderay (~> 1.1.0)
      method_source (~> 0.8.1)
      slop (~> 3.4)
    rack (1.5.2)
    rack-livereload (0.3.15)
      rack
    rack-test (0.6.2)
      rack (>= 1.0)
    rails (4.1.6)
      actionmailer (= 4.1.6)
      actionpack (= 4.1.6)
      actionview (= 4.1.6)
      activemodel (= 4.1.6)
      activerecord (= 4.1.6)
      activesupport (= 4.1.6)
      bundler (>= 1.3.0, < 2.0)
      railties (= 4.1.6)
      sprockets-rails (~> 2.0)
    railties (4.1.6)
      actionpack (= 4.1.6)
      activesupport (= 4.1.6)
      rake (>= 0.8.7)
      thor (>= 0.18.1, < 2.0)
    rainbow (2.0.0)
    raindrops (0.13.0)
    rake (10.3.2)
    rb-fsevent (0.9.4)
    rb-inotify (0.9.5)
      ffi (>= 0.5.0)
    rdoc (4.1.2)
      json (~> 1.4)
    rspec (3.1.0)
      rspec-core (~> 3.1.0)
      rspec-expectations (~> 3.1.0)
      rspec-mocks (~> 3.1.0)
    rspec-core (3.1.7)
      rspec-support (~> 3.1.0)
    rspec-expectations (3.1.2)
      diff-lcs (>= 1.2.0, < 2.0)
      rspec-support (~> 3.1.0)
    rspec-mocks (3.1.3)
      rspec-support (~> 3.1.0)
    rspec-support (3.1.2)
    rubocop (0.26.1)
      astrolabe (~> 1.3)
      parser (>= 2.2.0.pre.4, < 3.0)
      powerpack (~> 0.0.6)
      rainbow (>= 1.99.1, < 3.0)
      ruby-progressbar (~> 1.4)
    ruby-progressbar (1.6.1)
    sass (3.2.19)
    sass-rails (4.0.4)
      railties (>= 4.0.0, < 5.0)
      sass (~> 3.2.2)
      sprockets (~> 2.8, < 2.12)
      sprockets-rails (~> 2.0)
    sdoc (0.4.1)
      json (~> 1.7, >= 1.7.7)
      rdoc (~> 4.0)
    slop (3.6.0)
    spring (1.1.3)
    sprockets (2.11.3)
      hike (~> 1.2)
      multi_json (~> 1.0)
      rack (~> 1.0)
      tilt (~> 1.1, != 1.3.0)
    sprockets-rails (2.2.0)
      actionpack (>= 3.0)
      activesupport (>= 3.0)
      sprockets (>= 2.8, < 4.0)
    sqlite3 (1.3.10)
    terminal-notifier-guard (1.6.1)
    thor (0.19.1)
    thread_safe (0.3.4)
    tilt (1.4.1)
    timers (4.0.1)
      hitimes
    turbolinks (2.5.1)
      coffee-rails
    tzinfo (1.2.2)
      thread_safe (~> 0.1)
    uglifier (2.5.3)
      execjs (>= 0.3.0)
      json (>= 1.8.0)
    unicorn (4.8.3)
      kgio (~> 2.6)
      rack
      raindrops (~> 0.7)
    unicorn-rails (2.2.0)
      rack
      unicorn
    xpath (2.0.0)
      nokogiri (~> 1.3)

PLATFORMS
  ruby

DEPENDENCIES
  bcrypt (~> 3.1.7)
  coffee-rails (~> 4.0.0)
  cucumber-rails
  guard
  guard-bundler
  guard-cucumber
  guard-livereload
  guard-perscribo!
  guard-rails
  guard-rspec
  guard-rubocop!
  guard-scss-lint!
  guard-shell
  intus!
  jbuilder (~> 2.0)
  jquery-rails
  perscribo!
  perscribo-cucumber!
  perscribo-rails!
  perscribo-rspec!
  perscribo-rubocop!
  perscribo-scss-lint!
  perscribo-unicorn!
  rack-livereload
  rails (= 4.1.6)
  rspec
  rubocop
  sass-rails (~> 4.0.3)
  scss-lint!
  sdoc (~> 0.4.0)
  spring
  sqlite3
  terminal-notifier-guard
  turbolinks
  uglifier (>= 1.3.0)
  unicorn-rails
